GIT
  remote: https://github.com/alphagov/aquae-whirlpool.git
  revision: a292bb44ff30ef5386c7fc25dfd4a89b68db319a
  branch: demo
  specs:
    whirlpool (0.1)
      aquae (= 0.1.pre.2153dfa26)
      concurrent-ruby

GEM
  remote: https://rubygems.org/
  specs:
    activesupport (5.1.4)
      concurrent-ruby (~> 1.0, >= 1.0.2)
      i18n (~> 0.7)
      minitest (~> 5.1)
      tzinfo (~> 1.1)
    aquae (0.1.pre.2153dfa26)
      protobuf (~> 3.7)
      rgl (~> 0.5.3)
    concurrent-ruby (1.0.5)
    ffi (1.9.18-x86-mingw32)
    i18n (0.9.0)
      concurrent-ruby (~> 1.0)
    lazy_priority_queue (0.1.1)
    liquid (4.0.0)
    middleware (0.1.0)
    minitest (5.10.3)
    mustermann (1.0.1)
    protobuf (3.8.1)
      activesupport (>= 3.2)
      middleware
      thor
      thread_safe
    rack (2.0.3)
    rack-protection (2.0.0)
      rack
    rake (12.2.1)
    rb-fsevent (0.10.2)
    rb-inotify (0.9.10)
      ffi (>= 0.5.0, < 2)
    rgl (0.5.3)
      lazy_priority_queue (~> 0.1.0)
      stream (~> 0.5.0)
    sass (3.5.3)
      sass-listen (~> 4.0.0)
    sass-listen (4.0.0)
      rb-fsevent (~> 0.9, >= 0.9.4)
      rb-inotify (~> 0.9, >= 0.9.7)
    sinatra (2.0.0)
      mustermann (~> 1.0)
      rack (~> 2.0)
      rack-protection (= 2.0.0)
      tilt (~> 2.0)
    stream (0.5)
    thor (0.20.0)
    thread_safe (0.3.6)
    tilt (2.0.8)
    tzinfo (1.2.4)
      thread_safe (~> 0.1)

PLATFORMS
  x86-mingw32

DEPENDENCIES
  liquid
  rack
  rake
  sass
  sinatra
  whirlpool!

BUNDLED WITH
   1.15.1
