PATH
  remote: ../aquae-ruby
  specs:
    aquae (0.1.pre.50990ee41)
      protobuf (~> 3.7)
      rgl (~> 0.5.3)

PATH
  remote: ../aquae-whirlpool
  specs:
    whirlpool (0.1)
      aquae (= 0.1.pre.50990ee41)
      concurrent-ruby

GEM
  remote: https://rubygems.org/
  specs:
    activesupport (6.0.0)
      concurrent-ruby (~> 1.0, >= 1.0.2)
      i18n (>= 0.7, < 2)
      minitest (~> 5.1)
      tzinfo (~> 1.1)
      zeitwerk (~> 2.1, >= 2.1.8)
    concurrent-ruby (1.1.5)
    ffi (1.9.18)
    ffi (1.9.18-x86-mingw32)
    i18n (1.7.0)
      concurrent-ruby (~> 1.0)
    lazy_priority_queue (0.1.1)
    liquid (4.0.0)
    middleware (0.1.0)
    minitest (5.12.2)
    mustermann (1.0.1)
    protobuf (3.10.1)
      activesupport (>= 3.2)
      middleware
      thor
      thread_safe
    rack (2.0.3)
    rack-protection (2.0.0)
      rack
    rake (12.1.0)
    rb-fsevent (0.10.2)
    rb-inotify (0.9.10)
      ffi (>= 0.5.0, < 2)
    rgl (0.5.6)
      lazy_priority_queue (~> 0.1.0)
      stream (~> 0.5.2)
    sass (3.5.1)
      sass-listen (~> 4.0.0)
    sass-listen (4.0.0)
      rb-fsevent (~> 0.9, >= 0.9.4)
      rb-inotify (~> 0.9, >= 0.9.7)
    sinatra (2.0.0)
      mustermann (~> 1.0)
      rack (~> 2.0)
      rack-protection (= 2.0.0)
      tilt (~> 2.0)
    stream (0.5.2)
    thor (0.20.3)
    thread_safe (0.3.6)
    tilt (2.0.8)
    tzinfo (1.2.5)
      thread_safe (~> 0.1)
    zeitwerk (2.1.10)

PLATFORMS
  ruby
  x86-mingw32

DEPENDENCIES
  aquae!
  liquid
  rake
  sass
  sinatra
  whirlpool!

BUNDLED WITH
   1.17.2
